GEM
  remote: https://rubygems.org/
  specs:
    em-websocket (0.5.1)
      eventmachine (>= 0.12.9)
      http_parser.rb (~> 0.6.0)
    eventmachine (1.2.0.1)
    http_parser.rb (0.6.0)
    minitest (5.8.3)

PLATFORMS
  ruby

DEPENDENCIES
  em-websocket (= 0.5.1)
  minitest (= 5.8.3)

BUNDLED WITH
   1.12.5
